PATH
  remote: .
  specs:
    omni_exchange (3.0.0)
      base64 (~> 0.2.0)
      bigdecimal (~> 3)
      faraday (~> 2)
      money (~> 6.13.1)
      racc (~> 1.4)
      stringio (~> 3.1.2)

GEM
  remote: https://rubygems.org/
  specs:
    ast (2.4.2)
    base64 (0.2.0)
    bigdecimal (3.1.9)
    coderay (1.1.3)
    concurrent-ruby (1.3.5)
    diff-lcs (1.5.0)
    dotenv (2.8.1)
    faraday (2.12.2)
      faraday-net_http (>= 2.0, < 3.5)
      json
      logger
    faraday-net_http (3.4.0)
      net-http (>= 0.5.0)
    i18n (1.14.7)
      concurrent-ruby (~> 1.0)
    json (2.9.1)
    logger (1.6.5)
    method_source (1.0.0)
    money (6.13.8)
      i18n (>= 0.6.4, <= 2)
    net-http (0.6.0)
      uri
    parallel (1.22.1)
    parser (3.1.2.1)
      ast (~> 2.4.1)
    pry (0.14.1)
      coderay (~> 1.1)
      method_source (~> 1.0)
    racc (1.8.1)
    rainbow (3.1.1)
    rake (12.3.3)
    regexp_parser (2.5.0)
    rexml (3.2.5)
    rspec (3.11.0)
      rspec-core (~> 3.11.0)
      rspec-expectations (~> 3.11.0)
      rspec-mocks (~> 3.11.0)
    rspec-core (3.11.0)
      rspec-support (~> 3.11.0)
    rspec-expectations (3.11.0)
      diff-lcs (>= 1.2.0, < 2.0)
      rspec-support (~> 3.11.0)
    rspec-mocks (3.11.1)
      diff-lcs (>= 1.2.0, < 2.0)
      rspec-support (~> 3.11.0)
    rspec-support (3.11.0)
    rubocop (0.93.1)
      parallel (~> 1.10)
      parser (>= 2.7.1.5)
      rainbow (>= 2.2.2, < 4.0)
      regexp_parser (>= 1.8)
      rexml
      rubocop-ast (>= 0.6.0)
      ruby-progressbar (~> 1.7)
      unicode-display_width (>= 1.4.0, < 2.0)
    rubocop-ast (1.21.0)
      parser (>= 3.1.1.0)
    ruby-progressbar (1.11.0)
    stringio (3.1.2)
    unicode-display_width (1.8.0)
    uri (1.0.3)
    vcr (6.1.0)

PLATFORMS
  ruby
  x86_64-darwin-19

DEPENDENCIES
  dotenv
  omni_exchange!
  pry
  rake (~> 12.3)
  rspec (~> 3.0)
  rubocop (~> 0.80)
  vcr

BUNDLED WITH
   2.6.3
